NUGET
  remote: C:\Users\Serhiy\AppData\Local\NuGet\Cache
  specs:
    FsUnit (1.3.0.1)
      NUnit (>= 2.6.3)
    NUnit (2.6.3)
    Paket (0.13.1)
