NUGET
  remote: C:\Users\Serhiy\AppData\Local\NuGet\Cache
  specs:
    Paket (0.13.1)
