NUGET
  remote: C:\Users\Serhiy\AppData\Local\NuGet\Cache
  specs:
    FluentAssertions (3.2.1)
    FsUnit (1.3.0.1)
      NUnit (>= 2.6.3)
    NUnit (2.6.3)
    Paket (0.13.1)
    xunit (1.9.2)
